PATH
  remote: .
  specs:
    itunes_review (0.0.4)
      hpricot

GEM
  specs:
    hpricot (0.8.6)

PLATFORMS
  ruby

DEPENDENCIES
  itunes_review!
