PATH
  remote: .
  specs:
    itunes_review (0.0.2)
      hpricot
      httparty

GEM
  specs:
    hpricot (0.8.6)
    httparty (0.9.0)
      multi_json (~> 1.0)
      multi_xml
    multi_json (1.3.6)
    multi_xml (0.5.1)

PLATFORMS
  ruby

DEPENDENCIES
  itunes_review!
